GEM
  remote: https://rubygems.org/
  specs:
    hoe (3.9.0)
      rake (>= 0.8, < 11.0)
    httparty (0.13.0)
      json (~> 1.8)
      multi_xml (>= 0.5.2)
    json (1.8.1)
    multi_xml (0.5.5)
    nokogiri (1.3.3)
      hoe (>= 2.3.2)
      racc
      rake-compiler
      rexical
    racc (1.4.11)
    rake (10.1.1)
    rake-compiler (0.9.2)
      rake
    rexical (1.0.5)

PLATFORMS
  ruby

DEPENDENCIES
  httparty
  nokogiri (= 1.3.3)
